GEM
  remote: https://rubygems.org/
  specs:
    concurrent-ruby (1.1.5)
    et-orbi (1.2.2)
      tzinfo
    fugit (1.3.3)
      et-orbi (~> 1.1, >= 1.1.8)
      raabro (~> 1.1)
    mustermann (1.0.3)
    nio4r (2.5.2)
    pg (1.1.4)
    puma (4.2.1)
      nio4r (~> 2.0)
    raabro (1.1.6)
    rack (2.2.3)
    rack-protection (2.0.7)
      rack
    rake (13.0.0)
    rufus-scheduler (3.6.0)
      fugit (~> 1.1, >= 1.1.6)
    sequel (5.25.0)
    sinatra (2.0.7)
      mustermann (~> 1.0)
      rack (~> 2.0)
      rack-protection (= 2.0.7)
      tilt (~> 2.0)
    tilt (2.0.10)
    tzinfo (2.0.0)
      concurrent-ruby (~> 1.0)

PLATFORMS
  ruby

DEPENDENCIES
  pg
  puma
  rake
  rufus-scheduler
  sequel
  sinatra

RUBY VERSION
   ruby 2.5.7p206

BUNDLED WITH
   1.17.3
