GEM
  remote: https://rubygems.org/
  specs:
    concurrent-ruby (1.1.5)
    et-orbi (1.2.2)
      tzinfo
    fugit (1.3.3)
      et-orbi (~> 1.1, >= 1.1.8)
      raabro (~> 1.1)
    pg (1.1.4)
    raabro (1.1.6)
    rake (13.0.0)
    rufus-scheduler (3.6.0)
      fugit (~> 1.1, >= 1.1.6)
    sequel (5.25.0)
    tzinfo (2.0.0)
      concurrent-ruby (~> 1.0)

PLATFORMS
  ruby

DEPENDENCIES
  pg
  rake
  rufus-scheduler
  sequel

RUBY VERSION
   ruby 2.5.7p206

BUNDLED WITH
   1.17.3
